GEM
  remote: http://rubygems.org/
  specs:
    activesupport (3.2.8)
      i18n (~> 0.6)
      multi_json (~> 1.0)
    diff-lcs (1.1.3)
    hashie (1.2.0)
    i18n (0.6.0)
    multi_json (1.3.6)
    rspec (2.8.0)
      rspec-core (~> 2.8.0)
      rspec-expectations (~> 2.8.0)
      rspec-mocks (~> 2.8.0)
    rspec-core (2.8.0)
    rspec-expectations (2.8.0)
      diff-lcs (~> 1.1.2)
    rspec-mocks (2.8.0)
    simplecov (0.6.4)
      multi_json (~> 1.0)
      simplecov-html (~> 0.5.3)
    simplecov-html (0.5.3)
    uuidtools (2.1.3)
    yard (0.7.5)

PLATFORMS
  ruby

DEPENDENCIES
  activesupport (>= 3.2.0)
  bundler (~> 1.1.3)
  hashie (>= 1.2.0)
  i18n (>= 0.6.0)
  rspec (~> 2.8.0)
  simplecov
  uuidtools (>= 2.1.2)
  yard (~> 0.7.5)
