GEM
  remote: http://rubygems.org/
  specs:
    activesupport (3.2.0)
      i18n (~> 0.6)
      multi_json (~> 1.0)
    connection_pool (0.1.0)
    diff-lcs (1.1.3)
    eventmachine (0.12.10)
    girl_friday (0.9.7)
      connection_pool (~> 0.1.0)
    git (1.2.5)
    i18n (0.6.0)
    jeweler (1.8.3)
      bundler (~> 1.0)
      git (>= 1.2.5)
      rake
      rdoc
    json (1.6.5)
    log4r (1.1.10)
    msgpack (0.4.6)
    multi_json (1.0.4)
    rake (0.9.2.2)
    rdoc (3.12)
      json (~> 1.4)
    rspec (2.8.0)
      rspec-core (~> 2.8.0)
      rspec-expectations (~> 2.8.0)
      rspec-mocks (~> 2.8.0)
    rspec-core (2.8.0)
    rspec-expectations (2.8.0)
      diff-lcs (~> 1.1.2)
    rspec-mocks (2.8.0)
    simplecov (0.5.4)
      multi_json (~> 1.0.3)
      simplecov-html (~> 0.5.3)
    simplecov-html (0.5.3)
    uuidtools (2.1.2)
    yard (0.7.5)

PLATFORMS
  ruby

DEPENDENCIES
  activesupport (>= 3.2.0)
  bundler (~> 1.0.22)
  eventmachine (>= 0.12.10)
  girl_friday (~> 0.9.7)
  i18n (>= 0.6.0)
  jeweler (~> 1.8.3)
  log4r (~> 1.1.10)
  msgpack (>= 0.4.6)
  rspec (~> 2.8.0)
  simplecov
  uuidtools (>= 2.1.2)
  yard (~> 0.7.5)
