GEM
  remote: http://rubygems.org/
  specs:
    activesupport (3.2.0)
      i18n (~> 0.6)
      multi_json (~> 1.0)
    diff-lcs (1.1.3)
    eventmachine (0.12.10)
    git (1.2.5)
    i18n (0.6.0)
    jeweler (1.6.4)
      bundler (~> 1.0)
      git (>= 1.2.5)
      rake
    log4r (1.1.10)
    msgpack (0.4.6)
    multi_json (1.0.4)
    rake (0.9.2.2)
    rspec (2.3.0)
      rspec-core (~> 2.3.0)
      rspec-expectations (~> 2.3.0)
      rspec-mocks (~> 2.3.0)
    rspec-core (2.3.1)
    rspec-expectations (2.3.0)
      diff-lcs (~> 1.1.2)
    rspec-mocks (2.3.0)
    simplecov (0.5.4)
      multi_json (~> 1.0.3)
      simplecov-html (~> 0.5.3)
    simplecov-html (0.5.3)
    uuidtools (2.1.2)
    yard (0.6.8)

PLATFORMS
  ruby

DEPENDENCIES
  activesupport (>= 3.2.0)
  bundler (~> 1.0.0)
  eventmachine (>= 0.12.10)
  i18n (>= 0.6.0)
  jeweler (~> 1.6.4)
  log4r (~> 1.1.10)
  msgpack (>= 0.4.6)
  rspec (~> 2.3.0)
  simplecov
  uuidtools (>= 2.1.2)
  yard (~> 0.6.0)
