PATH
  remote: .
  specs:
    serf (0.10.0)
      activesupport (>= 3.2.8)
      hashie (>= 1.2.0)
      i18n (>= 0.6.0)
      ice_nine (>= 0.4.0)
      uuidtools (>= 2.1.3)

GEM
  remote: http://rubygems.org/
  specs:
    activesupport (3.2.8)
      i18n (~> 0.6)
      multi_json (~> 1.0)
    diff-lcs (1.1.3)
    hashie (1.2.0)
    i18n (0.6.1)
    ice_nine (0.4.0)
    multi_json (1.3.6)
    rspec (2.11.0)
      rspec-core (~> 2.11.0)
      rspec-expectations (~> 2.11.0)
      rspec-mocks (~> 2.11.0)
    rspec-core (2.11.1)
    rspec-expectations (2.11.2)
      diff-lcs (~> 1.1.3)
    rspec-mocks (2.11.2)
    simplecov (0.6.4)
      multi_json (~> 1.0)
      simplecov-html (~> 0.5.3)
    simplecov-html (0.5.3)
    uuidtools (2.1.3)
    yard (0.8.2.1)

PLATFORMS
  ruby

DEPENDENCIES
  bundler (>= 1.2.0)
  rspec (>= 2.11.0)
  serf!
  simplecov
  yard (>= 0.7.5)
