GEM
  remote: http://rubygems.org/
  specs:
    activemodel (3.1.3)
      activesupport (= 3.1.3)
      builder (~> 3.0.0)
      i18n (~> 0.6)
    activesupport (3.1.3)
      multi_json (~> 1.0)
    builder (3.0.0)
    celluloid (0.5.0)
    diff-lcs (1.1.3)
    eventmachine (0.12.10)
    git (1.2.5)
    i18n (0.6.0)
    iobuffer (1.0.0)
    jeweler (1.6.4)
      bundler (~> 1.0)
      git (>= 1.2.5)
      rake
    log4r (1.1.9)
    msgpack (0.4.6)
    msgpack-rpc (0.4.5)
      msgpack (>= 0.4.4)
      rev (>= 0.3.0)
    multi_json (1.0.4)
    rack (1.3.5)
    rake (0.9.2.2)
    rcov (0.9.11)
    redis (2.2.2)
    rev (0.3.2)
      iobuffer (>= 0.1.3)
    rspec (2.3.0)
      rspec-core (~> 2.3.0)
      rspec-expectations (~> 2.3.0)
      rspec-mocks (~> 2.3.0)
    rspec-core (2.3.1)
    rspec-expectations (2.3.0)
      diff-lcs (~> 1.1.2)
    rspec-mocks (2.3.0)
    yard (0.6.8)

PLATFORMS
  ruby

DEPENDENCIES
  activemodel (~> 3.1.3)
  activesupport (~> 3.1.3)
  bundler (~> 1.0.0)
  celluloid (~> 0.5.0)
  eventmachine (~> 0.12.10)
  i18n (~> 0.6.0)
  jeweler (~> 1.6.4)
  log4r (~> 1.1.9)
  msgpack (~> 0.4.6)
  msgpack-rpc (~> 0.4.5)
  multi_json (~> 1.0.3)
  rack (~> 1.3.5)
  rcov
  redis (~> 2.2.2)
  rspec (~> 2.3.0)
  yard (~> 0.6.0)
